PATH
  remote: .
  specs:
    spirv-cross (0.1.1)

GEM
  remote: https://rubygems.org/
  specs:
    minitest (5.11.3)
    rake (10.5.0)
    rake-compiler (1.0.5)
      rake

PLATFORMS
  ruby

DEPENDENCIES
  bundler (~> 1.17)
  minitest (~> 5.0)
  rake (~> 10.0)
  rake-compiler
  spirv-cross!

BUNDLED WITH
   1.17.1
