PATH
  remote: .
  specs:
    spirv-cross (0.1.3)

GEM
  remote: https://rubygems.org/
  specs:
    minitest (5.13.0)
    rake (13.0.1)
    rake-compiler (1.1.0)
      rake

PLATFORMS
  ruby

DEPENDENCIES
  bundler (~> 2.1)
  minitest (~> 5.0)
  rake (~> 13.0)
  rake-compiler
  spirv-cross!

BUNDLED WITH
   2.1.2
